GEM
  remote: https://rubygems.org/
  specs:
    sass (3.4.22)

PLATFORMS
  x64-mingw32

DEPENDENCIES
  sass (= 3.4.22)

RUBY VERSION
   ruby 2.2.5p319

BUNDLED WITH
   1.13.6
